GEM
  remote: http://rubygems.org/
  specs:
    faraday (0.10.0)
      multipart-post (>= 1.2, < 3)
    mini_portile2 (2.1.0)
    multipart-post (2.0.0)
    nokogiri (1.6.8.1)
      mini_portile2 (~> 2.1.0)
    rack (1.6.5)
    rack-protection (1.5.3)
      rack
    sinatra (1.4.7)
      rack (~> 1.5)
      rack-protection (~> 1.4)
      tilt (>= 1.3, < 3)
    tilt (2.0.5)
    vfr-utils (0.0.1)
      faraday (~> 0.9)
      nokogiri (~> 1.5)

PLATFORMS
  ruby

DEPENDENCIES
  sinatra
  vfr-utils

BUNDLED WITH
   1.13.6
