GEM
  remote: http://rubygems.org/
  specs:
    amq-protocol (2.0.1)
    bunny (2.6.1)
      amq-protocol (>= 2.0.1)
    faraday (0.10.0)
      multipart-post (>= 1.2, < 3)
    mini_portile2 (2.1.0)
    multipart-post (2.0.0)
    nokogiri (1.7.0)
      mini_portile2 (~> 2.1.0)
    rack (1.6.5)
    rack-protection (1.5.3)
      rack
    redis (3.3.2)
    sinatra (1.4.7)
      rack (~> 1.5)
      rack-protection (~> 1.4)
      tilt (>= 1.3, < 3)
    tilt (2.0.5)
    vfr_utils (0.0.4)
      faraday (~> 0.9)
      nokogiri (~> 1.5)

PLATFORMS
  ruby

DEPENDENCIES
  bunny (~> 2.6)
  faraday (~> 0.9)
  redis (~> 3.2)
  sinatra (~> 1.4)
  vfr_utils (~> 0.0.4)

BUNDLED WITH
   1.13.6
